GIT
  remote: git://github.com/thomaspouncy/ruby-nxt
  revision: cad3d028ab00e84f4bf5b850413f1c0c5d6dee38
  specs:
    ruby-nxt (0.1.1)

GEM
  remote: http://rubygems.org/
  remote: http://gems.github.com/
  remote: http://gemcutter.org/
  specs:
    allison (2.0.3)
    archive-tar-minitar (0.5.2)
    bson (1.5.2)
    bson_ext (1.5.2)
      bson (= 1.5.2)
    columnize (0.3.6)
    echoe (4.6.3)
      allison (>= 2.0.3)
      gemcutter (>= 0.7.0)
      rake (>= 0.9.2)
      rdoc (>= 3.6.1)
      rubyforge (>= 2.0.4)
    gemcutter (0.7.1)
    git (1.2.5)
    json (1.6.5)
    json_pure (1.6.5)
    linecache19 (0.5.12)
      ruby_core_source (>= 0.1.4)
    metaclass (0.0.1)
    mocha (0.10.4)
      metaclass (~> 0.0.1)
    mongo (1.5.2)
      bson (= 1.5.2)
    rake (0.9.2.2)
    rdoc (3.12)
      json (~> 1.4)
    ruby-debug-base19 (0.11.25)
      columnize (>= 0.3.1)
      linecache19 (>= 0.5.11)
      ruby_core_source (>= 0.1.4)
    ruby-debug19 (0.11.6)
      columnize (>= 0.3.1)
      linecache19 (>= 0.5.11)
      ruby-debug-base19 (>= 0.11.19)
    ruby_core_source (0.1.5)
      archive-tar-minitar (>= 0.5.2)
    rubyforge (2.0.4)
      json_pure (>= 1.1.7)
    test-unit (2.4.7)

PLATFORMS
  ruby

DEPENDENCIES
  bson_ext
  echoe
  git
  json
  mocha
  mongo
  rake
  ruby-debug19
  ruby-nxt!
  test-unit
